PATH
  remote: .
  specs:
    jot-ruby (0.1.0)

GEM
  remote: https://rubygems.org/
  specs:
    diff-lcs (1.3)
    execjs (2.7.0)
    libv8 (6.3.292.48.1)
    mini_racer (0.1.15)
      libv8 (~> 6.3)
    multi_json (1.13.1)
    oj (3.5.0)
    rake (10.5.0)
    rspec (3.7.0)
      rspec-core (~> 3.7.0)
      rspec-expectations (~> 3.7.0)
      rspec-mocks (~> 3.7.0)
    rspec-core (3.7.1)
      rspec-support (~> 3.7.0)
    rspec-expectations (3.7.0)
      diff-lcs (>= 1.2.0, < 2.0)
      rspec-support (~> 3.7.0)
    rspec-mocks (3.7.0)
      diff-lcs (>= 1.2.0, < 2.0)
      rspec-support (~> 3.7.0)
    rspec-support (3.7.1)

PLATFORMS
  ruby

DEPENDENCIES
  bundler (~> 1.16)
  execjs
  jot-ruby!
  mini_racer
  multi_json
  oj
  rake (~> 10.0)
  rspec (~> 3.0)

BUNDLED WITH
   1.16.1
